GEM
  remote: https://rubygems.org/
  specs:
    awesome_print (1.8.0)
    backports (3.11.4)
    builder (3.2.3)
    calabash-cucumber (0.21.8)
      awesome_print
      bundler (~> 1.3)
      clipboard (~> 1.0)
      cucumber
      edn (>= 1.0.6, < 2.0)
      geocoder (>= 1.1.8, < 2.0)
      httpclient (>= 2.7.1, < 3.0)
      json
      run_loop (>= 4.1, < 5.0)
      slowhandcuke (~> 0.0.3)
    clipboard (1.3.3)
    command_runner_ng (0.1.4)
    concurrent-ruby (1.1.4)
    cucumber (3.1.2)
      builder (>= 2.1.2)
      cucumber-core (~> 3.2.0)
      cucumber-expressions (~> 6.0.1)
      cucumber-wire (~> 0.0.1)
      diff-lcs (~> 1.3)
      gherkin (~> 5.1.0)
      multi_json (>= 1.7.5, < 2.0)
      multi_test (>= 0.1.2)
    cucumber-core (3.2.1)
      backports (>= 3.8.0)
      cucumber-tag_expressions (~> 1.1.0)
      gherkin (~> 5.0)
    cucumber-expressions (6.0.1)
    cucumber-tag_expressions (1.1.1)
    cucumber-wire (0.0.1)
    diff-lcs (1.3)
    domain_name (0.5.23)
      unf (>= 0.0.5, < 1.0.0)
    edn (1.1.1)
    geocoder (1.5.1)
    gherkin (5.1.0)
    http-cookie (1.0.2)
      domain_name (~> 0.5)
    httpclient (2.8.3)
    i18n (0.9.5)
      concurrent-ruby (~> 1.0)
    json (1.8.6)
    mime-types (1.25.1)
    multi_json (1.13.1)
    multi_test (0.1.2)
    netrc (0.10.3)
    rest-client (1.8.0)
      http-cookie (>= 1.0.2, < 2.0)
      mime-types (>= 1.16, < 3.0)
      netrc (~> 0.7)
    retriable (2.0.2)
    rubyzip (1.2.2)
    run_loop (4.1.0)
      awesome_print (~> 1.8)
      command_runner_ng (>= 0.1.4, < 1.0)
      httpclient (>= 2.7.1, < 3.0)
      i18n (>= 0.7.0, < 1.0)
      json
      thor (>= 0.20.0, < 1.0)
    slowhandcuke (0.0.3)
      cucumber
    thor (0.20.3)
    unf (0.1.4)
      unf_ext
    unf_ext (0.0.6)
    xamarin-test-cloud (1.1.1)
      bundler (>= 1.3.0, < 2.0)
      json (~> 1.8)
      mime-types (< 2.0)
      rest-client (~> 1.6)
      retriable (>= 1.3.3.1, < 2.1)
      rubyzip (~> 1.1)
      thor (>= 0.18.1, < 1.0)

PLATFORMS
  ruby

DEPENDENCIES
  calabash-cucumber
  xamarin-test-cloud
